GIT
  remote: git://github.com/poseidonimaging/macrodeck-config.git
  revision: 46aa4e56324cee654d9b88af05a158e3e8479085
  specs:
    macrodeck-config (0.0.1)
      sinatra

GIT
  remote: git://github.com/ziggythehamster/macrodeck-platform.git
  revision: 124e69b7eeaa3b26ca4ea93413c70f10be1a0522
  specs:
    macrodeck-platform (1.0.0)
      couchrest (~> 1.0.1)
      couchrest_extended_document (~> 1.0.0)
      jnunemaker-validatable (~> 1.8.4)
      uuidtools
      validatable-validates_list_items_in_list

GIT
  remote: git://github.com/ziggythehamster/validatable-validates_list_items_in_list.git
  revision: 054614fb3bb0a24f0a210298619d460123ce59e0
  specs:
    validatable-validates_list_items_in_list (0.0.1)
      jnunemaker-validatable (~> 1.8.4)

GEM
  remote: http://rubygems.org/
  remote: http://gems.github.com/
  specs:
    activesupport (3.2.11)
      i18n (~> 0.6)
      multi_json (~> 1.0)
    aws-sdk (1.8.0)
      httparty (~> 0.7)
      json (~> 1.4)
      nokogiri (>= 1.4.4)
      uuidtools (~> 2.1)
    builder (3.1.4)
    clockwork (0.4.1)
      tzinfo
    couchrest (1.0.2)
      json (~> 1.5.1)
      mime-types (~> 1.15)
      rest-client (~> 1.6.1)
    couchrest_extended_document (1.0.0)
      activesupport (>= 2.3.0)
      builder (>= 2.1.2)
      couchrest (>= 1.0.0)
      mime-types (>= 1.15)
    daemons (1.1.9)
    eventmachine (1.0.0)
    eventmachine (1.0.0-x86-mingw32)
    faraday (0.8.4)
      multipart-post (~> 1.1)
    hashie (1.2.0)
    httparty (0.9.0)
      multi_json (~> 1.0)
      multi_xml
    httpauth (0.2.0)
    i18n (0.6.1)
    jnunemaker-validatable (1.8.4)
      activesupport (>= 2.3.4)
    json (1.5.4)
    jwt (0.1.5)
      multi_json (>= 1.0)
    mime-types (1.19)
    multi_json (1.5.0)
    multi_xml (0.5.1)
    multipart-post (1.1.5)
    nokogiri (1.5.6)
    nokogiri (1.5.6-x86-mingw32)
    oauth2 (0.8.0)
      faraday (~> 0.8)
      httpauth (~> 0.1)
      jwt (~> 0.1.4)
      multi_json (~> 1.0)
      rack (~> 1.2)
    omniauth (1.1.1)
      hashie (~> 1.2)
      rack
    omniauth-oauth2 (1.1.1)
      oauth2 (~> 0.8.0)
      omniauth (~> 1.0)
    omniauth-singly (0.3.0)
      omniauth (~> 1.0)
      omniauth-oauth2 (~> 1.0)
    rack (1.4.1)
    rack-protection (1.3.2)
      rack
    rake (10.0.3)
    rest-client (1.6.7)
      mime-types (>= 1.16)
    sinatra (1.3.3)
      rack (>= 1.3.6, ~> 1.3)
      rack-protection (~> 1.2)
      tilt (>= 1.3.3, ~> 1.3)
    system_timer (1.2.4)
    thin (1.5.0)
      daemons (>= 1.0.9)
      eventmachine (>= 0.12.6)
      rack (>= 1.0.0)
    tilt (1.3.3)
    tzinfo (0.3.35)
    uuidtools (2.1.3)

PLATFORMS
  ruby
  x86-mingw32

DEPENDENCIES
  aws-sdk
  clockwork
  httparty
  json
  macrodeck-config!
  macrodeck-platform!
  omniauth-singly
  rake
  sinatra
  system_timer
  thin
  uuidtools
  validatable-validates_list_items_in_list!
